GIT
  remote: git://github.com/gkellogg/sxp-ruby.git
  revision: af08d70385f637726f56b6f40afc7192918518e0
  specs:
    sxp (0.0.14)
      json (>= 1.5.1)

GIT
  remote: git://github.com/ruby-rdf/rdf-turtle.git
  revision: cb94dd4e2b5002598d91d77aa56374b7b4c186fe
  specs:
    rdf-turtle (0.3.0)
      rdf (>= 0.3.9)

PATH
  remote: .
  specs:
    rdf-trig (0.1.4)
      rdf (>= 0.3.9)
      rdf-turtle (>= 0.3.0)

GEM
  remote: http://rubygems.org/
  specs:
    addressable (2.3.2)
    backports (2.6.5)
    diff-lcs (1.1.3)
    json (1.7.5)
    json (1.7.5-java)
    json-ld (0.3.1)
      backports
      json (>= 1.6.5)
      rdf (>= 0.3.5)
    open-uri-cached (0.0.5)
    rake (0.9.2.2)
    rdf (0.3.9)
      addressable (>= 2.2.6)
    rdf-isomorphic (0.3.4)
      rdf (>= 0.2.3)
    rdf-n3 (0.3.7)
      rdf (>= 0.3.4)
    rdf-spec (0.3.8)
      rspec (>= 2.8.0)
    rspec (2.11.0)
      rspec-core (~> 2.11.0)
      rspec-expectations (~> 2.11.0)
      rspec-mocks (~> 2.11.0)
    rspec-core (2.11.1)
    rspec-expectations (2.11.3)
      diff-lcs (~> 1.1.3)
    rspec-mocks (2.11.3)
    wirble (0.1.3)
    yard (0.8.3)

PLATFORMS
  java
  ruby

DEPENDENCIES
  json-ld (>= 0.3.0)
  open-uri-cached (>= 0.0.4)
  rake
  rdf-isomorphic (>= 0.3.4)
  rdf-n3 (>= 0.3.7)
  rdf-spec (>= 0.3.8)
  rdf-trig!
  rdf-turtle!
  rspec (>= 2.11.0)
  sxp!
  wirble
  yard (>= 0.6.0)
