GIT
  remote: git://github.com/ruby-rdf/rdf-spec.git
  revision: e545525502b3f0e86c03f1d43fc690840b35e40f
  specs:
    rdf-spec (1.0.0)
      rspec (>= 2.12)

GIT
  remote: git://github.com/ruby-rdf/rdf-turtle.git
  revision: 8ddbc13f2d5df64f341f3fa2eb7b9b3659ca895f
  specs:
    rdf-turtle (1.0.0)
      rdf (>= 1.0)

GIT
  remote: git://github.com/ruby-rdf/rdf.git
  revision: 3b88594e019f5897d4458beba769c905f4975978
  specs:
    rdf (1.0.0)
      addressable (>= 2.2)

PATH
  remote: .
  specs:
    rdf-trig (1.0.0.beta1)
      rdf (>= 1.0)
      rdf-turtle (>= 1.0)

GEM
  remote: http://rubygems.org/
  specs:
    addressable (2.3.2)
    backports (2.7.0)
    diff-lcs (1.1.3)
    json (1.7.6)
    json-ld (0.3.2)
      backports
      json (>= 1.7.5)
      rdf (>= 0.3.11)
    open-uri-cached (0.0.5)
    rake (10.0.3)
    rdf-isomorphic (0.3.4)
      rdf (>= 0.2.3)
    rdf-n3 (0.3.8)
      rdf (>= 0.3.11)
    rspec (2.12.0)
      rspec-core (~> 2.12.0)
      rspec-expectations (~> 2.12.0)
      rspec-mocks (~> 2.12.0)
    rspec-core (2.12.2)
    rspec-expectations (2.12.1)
      diff-lcs (~> 1.1.3)
    rspec-mocks (2.12.1)
    sxp (0.1.0)
      json (>= 1.4.6)
    wirble (0.1.3)
    yard (0.8.3)

PLATFORMS
  ruby

DEPENDENCIES
  json-ld
  open-uri-cached (>= 0.0.5)
  rake
  rdf!
  rdf-isomorphic
  rdf-n3
  rdf-spec!
  rdf-trig!
  rdf-turtle!
  rspec (>= 2.12.0)
  sxp
  wirble
  yard (>= 0.8.3)
