PATH
  remote: .
  specs:
    rdf-trig (0.1.2)
      rdf (>= 0.3.4)
      rdf-turtle (>= 0.1.1)

GEM
  remote: http://rubygems.org/
  specs:
    addressable (2.2.7)
    diff-lcs (1.1.3)
    open-uri-cached (0.0.5)
    promise (0.3.0)
    rdf (0.3.5.2)
      addressable (>= 2.2.6)
    rdf-isomorphic (0.3.4)
      rdf (>= 0.2.3)
    rdf-spec (0.3.5.1)
      rspec (>= 2.8.0)
    rdf-turtle (0.1.1)
      rdf (>= 0.3.4)
    rspec (2.9.0)
      rspec-core (~> 2.9.0)
      rspec-expectations (~> 2.9.0)
      rspec-mocks (~> 2.9.0)
    rspec-core (2.9.0)
    rspec-expectations (2.9.1)
      diff-lcs (~> 1.1.3)
    rspec-mocks (2.9.0)
    spira (0.0.12)
      promise (>= 0.3.0)
      rdf (>= 0.2.3)
      rdf-isomorphic (>= 0.3.0)
    wirble (0.1.3)
    yard (0.8.0)

PLATFORMS
  java
  ruby

DEPENDENCIES
  open-uri-cached (>= 0.0.4)
  rdf-isomorphic (>= 0.3.4)
  rdf-spec (>= 0.3.4)
  rdf-trig!
  rspec (>= 2.8.0)
  spira (>= 0.0.12)
  wirble
  yard (>= 0.6.0)
